GEM
  specs:
    activemodel (3.2.3)
      activesupport (= 3.2.3)
      builder (~> 3.0.0)
    activesupport (3.2.3)
      i18n (~> 0.6)
      multi_json (~> 1.0)
    builder (3.0.0)
    diff-lcs (1.1.3)
    i18n (0.6.0)
    json (1.6.6)
    mime-types (1.19)
    multi_json (1.2.0)
    rake (0.9.2.2)
    rspec (2.9.0)
      rspec-core (~> 2.9.0)
      rspec-expectations (~> 2.9.0)
      rspec-mocks (~> 2.9.0)
    rspec-core (2.9.0)
    rspec-expectations (2.9.1)
      diff-lcs (~> 1.1.3)
    rspec-mocks (2.9.0)
    simple_gem (0.0.2)
      activesupport (~> 3.0)
      rake (>= 0.8.7)
      rspec (~> 2.8)
    simply_configurable (0.1.0)
      activesupport (~> 3.0)
    typhoeus (0.3.3)
      mime-types

PLATFORMS
  ruby

DEPENDENCIES
  activemodel (~> 3.0)
  activesupport (~> 3.0)
  json (~> 1.6)
  rspec (~> 2.8)
  simple_gem
  simply_configurable (~> 0.1)
  typhoeus (~> 0.3.0)
