PATH
  remote: .
  specs:
    simple_sdk_builder (1.2.0)
      activemodel (>= 3.0)
      activesupport (>= 3.0)
      json (~> 1.6)
      simply_configurable (~> 0.1)
      typhoeus (~> 0.3)

GEM
  remote: https://rubygems.org/
  specs:
    activemodel (5.0.3)
      activesupport (= 5.0.3)
    activesupport (5.0.3)
      concurrent-ruby (~> 1.0, >= 1.0.2)
      i18n (~> 0.7)
      minitest (~> 5.1)
      tzinfo (~> 1.1)
    concurrent-ruby (1.0.5)
    diff-lcs (1.3)
    ethon (0.10.1)
      ffi (>= 1.3.0)
    ffi (1.9.18)
    i18n (0.8.1)
    minitest (5.10.2)
    rake (12.0.0)
    rspec (2.99.0)
      rspec-core (~> 2.99.0)
      rspec-expectations (~> 2.99.0)
      rspec-mocks (~> 2.99.0)
    rspec-core (2.99.2)
    rspec-expectations (2.99.2)
      diff-lcs (>= 1.1.3, < 2.0)
    rspec-mocks (2.99.4)
    simple_gem (1.1.0)
      activesupport (>= 3.0)
      rake (>= 0.8.7)
    simply_configurable (0.2.1)
      activesupport (>= 3.0)
    thread_safe (0.3.6)
    typhoeus (1.1.2)
      ethon (>= 0.9.0)
    tzinfo (1.2.3)
      thread_safe (~> 0.1)

PLATFORMS
  ruby

DEPENDENCIES
  activemodel (~> 5.0.3)
  activesupport (~> 5.0.3)
  rspec (~> 2.99)
  simple_gem
  simply_configurable (~> 0.2)
  typhoeus (~> 1.0)

BUNDLED WITH
   1.14.6
