GEM
  remote: https://rubygems.org/
  specs:
    activemodel (3.2.18)
      activesupport (= 3.2.18)
      builder (~> 3.0.0)
    activesupport (3.2.18)
      i18n (~> 0.6, >= 0.6.4)
      multi_json (~> 1.0)
    builder (3.0.4)
    diff-lcs (1.2.5)
    i18n (0.6.9)
    json (1.8.1)
    mime-types (2.3)
    multi_json (1.10.1)
    rake (10.3.2)
    rspec (2.99.0)
      rspec-core (~> 2.99.0)
      rspec-expectations (~> 2.99.0)
      rspec-mocks (~> 2.99.0)
    rspec-core (2.99.0)
    rspec-expectations (2.99.0)
      diff-lcs (>= 1.1.3, < 2.0)
    rspec-mocks (2.99.1)
    simple_gem (3.0.0)
      activesupport (> 3.0)
      rake (>= 0.8.7)
      rspec (~> 2.14)
    simply_configurable (0.2.1)
      activesupport (>= 3.0)
    typhoeus (0.3.3)
      mime-types

PLATFORMS
  ruby

DEPENDENCIES
  activemodel (~> 3.0)
  activesupport (~> 3.0)
  json (~> 1.6)
  rspec (~> 2.8)
  simple_gem
  simply_configurable (~> 0.1)
  typhoeus (~> 0.3.0)
